GIT
  remote: git@github.com:phemmer/ruby-docker-remote.git
  revision: ea9b560e9ee1f867ae4cf4bf20d6260012ff2e65
  specs:
    docker-remote (0.0.1)
      httpclient (~> 2.3.4.1)

GIT
  remote: git@github.com:pub-burrito/foreman.git
  revision: bf2db433aa700d2d1ac931e65ee83743163920d0
  branch: cloudcom
  specs:
    foreman (0.63.0)
      dotenv (>= 0.7)
      thor (>= 0.13.6)

GEM
  remote: https://rubygems.org/
  specs:
    byebug (2.4.1)
      columnize (~> 0.3.6)
      debugger-linecache (~> 1.2.0)
    coderay (1.1.0)
    columnize (0.3.6)
    corosync (0.2.0.0)
      ffi (~> 1.9)
    corosync-commander (0.2.0.2)
      corosync (~> 0.2.0)
    debugger-linecache (1.2.0)
    diff-lcs (1.2.5)
    dotenv (0.9.0)
    ffi (1.9.3)
    httpclient (2.3.4.1)
    json (1.8.1)
    method_source (0.8.2)
    pry (0.9.12.4)
      coderay (~> 1.0)
      method_source (~> 0.8)
      slop (~> 3.4)
    rake (10.1.1)
    rdoc (4.1.1)
      json (~> 1.4)
    rspec (2.14.1)
      rspec-core (~> 2.14.0)
      rspec-expectations (~> 2.14.0)
      rspec-mocks (~> 2.14.0)
    rspec-core (2.14.7)
    rspec-expectations (2.14.4)
      diff-lcs (>= 1.1.3, < 2.0)
    rspec-mocks (2.14.4)
    slop (3.4.7)
    thor (0.18.1)
    yard (0.8.7.3)

PLATFORMS
  ruby

DEPENDENCIES
  byebug
  corosync-commander (~> 0.2.0.2)
  docker-remote!
  foreman!
  pry
  rake
  rdoc
  rspec
  yard
