GIT
  remote: git@github.com:phemmer/ruby-corosync-commander.git
  revision: d653eb049d0696215b3f728ee836ca188099f905
  ref: phemmer
  specs:
    corosync-commander (0.0.2)
      corosync (~> 0.0.3)

GIT
  remote: git@github.com:phemmer/ruby-corosync.git
  revision: 770c0c56208b47c515a0ca1329b947acfc0dd8b3
  ref: phemmer
  specs:
    corosync (0.0.3)
      ffi (~> 1.9)

GEM
  remote: https://rubygems.org/
  specs:
    diff-lcs (1.2.5)
    ffi (1.9.3)
    json (1.8.1)
    rake (10.1.1)
    rdoc (4.1.1)
      json (~> 1.4)
    rspec (2.14.1)
      rspec-core (~> 2.14.0)
      rspec-expectations (~> 2.14.0)
      rspec-mocks (~> 2.14.0)
    rspec-core (2.14.7)
    rspec-expectations (2.14.4)
      diff-lcs (>= 1.1.3, < 2.0)
    rspec-mocks (2.14.4)
    yard (0.8.7.3)

PLATFORMS
  ruby

DEPENDENCIES
  corosync!
  corosync-commander!
  rake
  rdoc
  rspec
  yard
