GIT
  remote: git@github.com:phemmer/ruby-corosync-commander.git
  revision: 6bc2db8d19cc628644041f67b839a255eff70900
  ref: phemmer
  specs:
    corosync-commander (0.0.2)
      corosync (~> 0.0.3)

GIT
  remote: git@github.com:phemmer/ruby-corosync.git
  revision: 86e5b606809ad8d6d6813cec4dba13bd00689f6a
  ref: phemmer
  specs:
    corosync (0.0.3)
      ffi (~> 1.9)

GIT
  remote: git@github.com:pub-burrito/foreman.git
  revision: bf2db433aa700d2d1ac931e65ee83743163920d0
  branch: cloudcom
  specs:
    foreman (0.63.0)
      dotenv (>= 0.7)
      thor (>= 0.13.6)

GEM
  remote: https://rubygems.org/
  specs:
    diff-lcs (1.2.5)
    dotenv (0.9.0)
    ffi (1.9.3)
    json (1.8.1)
    rake (10.1.1)
    rdoc (4.1.1)
      json (~> 1.4)
    rspec (2.14.1)
      rspec-core (~> 2.14.0)
      rspec-expectations (~> 2.14.0)
      rspec-mocks (~> 2.14.0)
    rspec-core (2.14.7)
    rspec-expectations (2.14.4)
      diff-lcs (>= 1.1.3, < 2.0)
    rspec-mocks (2.14.4)
    thor (0.18.1)
    yard (0.8.7.3)

PLATFORMS
  ruby

DEPENDENCIES
  corosync!
  corosync-commander!
  foreman!
  rake
  rdoc
  rspec
  yard
